GEM
  remote: https://rubygems.org/
  specs:
    m-spec (0.1.6)

PLATFORMS
  ruby

DEPENDENCIES
  m-spec

BUNDLED WITH
   2.1.4
